GIT
  remote: https://github.com/sandal/prawn.git
  revision: 5cca37e61e77411737a35707219b71bf4841de05
  branch: stable
  submodules: true
  specs:
    prawn (0.11.1)
      pdf-reader (>= 0.9.0)
      ttfunk (~> 1.0.0)

GEM
  remote: http://gemcutter.org/
  specs:
    Ascii85 (1.0.1)
    actionmailer (3.1.0.rc5)
      actionpack (= 3.1.0.rc5)
      mail (~> 2.3.0)
    actionpack (3.1.0.rc5)
      activemodel (= 3.1.0.rc5)
      activesupport (= 3.1.0.rc5)
      builder (~> 3.0.0)
      erubis (~> 2.7.0)
      i18n (~> 0.6)
      rack (~> 1.3.1)
      rack-cache (~> 1.0.2)
      rack-mount (~> 0.8.1)
      rack-test (~> 0.6.0)
      sprockets (~> 2.0.0.beta.12)
    activemodel (3.1.0.rc5)
      activesupport (= 3.1.0.rc5)
      bcrypt-ruby (~> 2.1.4)
      builder (~> 3.0.0)
      i18n (~> 0.6)
    activerecord (3.1.0.rc5)
      activemodel (= 3.1.0.rc5)
      activesupport (= 3.1.0.rc5)
      arel (~> 2.1.4)
      tzinfo (~> 0.3.29)
    activeresource (3.1.0.rc5)
      activemodel (= 3.1.0.rc5)
      activesupport (= 3.1.0.rc5)
    activesupport (3.1.0.rc5)
      multi_json (~> 1.0)
    ansi (1.3.0)
    archive-tar-minitar (0.5.2)
    arel (2.1.4)
    bcrypt-ruby (2.1.4)
    builder (3.0.0)
    capybara (1.0.0)
      mime-types (>= 1.16)
      nokogiri (>= 1.3.3)
      rack (>= 1.0.0)
      rack-test (>= 0.5.4)
      selenium-webdriver (~> 0.2.0)
      xpath (~> 0.1.4)
    childprocess (0.1.9)
      ffi (~> 1.0.6)
    coderay (0.9.8)
    coffee-script (2.2.0)
      coffee-script-source
      execjs
    coffee-script-source (1.1.1)
    columnize (0.3.3)
    configuration (1.3.1)
    database_cleaner (0.6.7)
    devise (1.4.2)
      bcrypt-ruby (~> 2.1.2)
      orm_adapter (~> 0.0.3)
      warden (~> 1.0.3)
    diff-lcs (1.1.2)
    erubis (2.7.0)
    execjs (1.2.0)
      multi_json (~> 1.0)
    factory_girl (1.3.3)
    factory_girl_rails (1.0.1)
      factory_girl (~> 1.3)
      railties (>= 3.0.0)
    ffaker (1.8.0)
    ffi (1.0.9)
    haml (3.1.2)
    hike (1.2.0)
    i18n (0.6.0)
    jasmine (1.0.2.1)
      json_pure (>= 1.4.3)
      rack (>= 1.1)
      rspec (>= 1.3.1)
      selenium-webdriver (>= 0.1.3)
    jquery-rails (1.0.12)
      railties (~> 3.0)
      thor (~> 0.14)
    json_pure (1.5.3)
    kaminari (0.12.4)
      rails (>= 3.0.0)
    launchy (0.4.0)
      configuration (>= 0.0.5)
      rake (>= 0.8.1)
    linecache19 (0.5.12)
      ruby_core_source (>= 0.1.4)
    log4r (1.1.9)
    mail (2.3.0)
      i18n (>= 0.4.0)
      mime-types (~> 1.16)
      treetop (~> 1.4.8)
    method_source (0.6.0)
      ruby_parser (>= 2.0.5)
    mime-types (1.16)
    mocha (0.9.12)
    multi_json (1.0.3)
    mysql2 (0.3.6)
    nokogiri (1.5.0)
    orm_adapter (0.0.5)
    pdf-reader (0.9.3)
      Ascii85 (>= 0.9)
    polyglot (0.3.2)
    pry (0.9.2)
      coderay (>= 0.9.8)
      method_source (>= 0.6.0)
      ruby_parser (>= 2.0.5)
      slop (~> 1.9.0)
    rack (1.3.2)
    rack-cache (1.0.2)
      rack (>= 0.4)
    rack-mount (0.8.1)
      rack (>= 1.0.0)
    rack-ssl (1.3.2)
      rack
    rack-test (0.6.1)
      rack (>= 1.0)
    rails (3.1.0.rc5)
      actionmailer (= 3.1.0.rc5)
      actionpack (= 3.1.0.rc5)
      activerecord (= 3.1.0.rc5)
      activeresource (= 3.1.0.rc5)
      activesupport (= 3.1.0.rc5)
      bundler (~> 1.0)
      railties (= 3.1.0.rc5)
    railties (3.1.0.rc5)
      actionpack (= 3.1.0.rc5)
      activesupport (= 3.1.0.rc5)
      rack-ssl (~> 1.3.2)
      rake (>= 0.8.7)
      rdoc (~> 3.4)
      thor (~> 0.14.6)
    rake (0.9.2)
    rdoc (3.8)
    rspec (2.6.0)
      rspec-core (~> 2.6.0)
      rspec-expectations (~> 2.6.0)
      rspec-mocks (~> 2.6.0)
    rspec-core (2.6.4)
    rspec-expectations (2.6.0)
      diff-lcs (~> 1.1.2)
    rspec-mocks (2.6.0)
    rspec-rails (2.6.1)
      actionpack (~> 3.0)
      activesupport (~> 3.0)
      railties (~> 3.0)
      rspec (~> 2.6.0)
    ruby-debug-base19 (0.11.25)
      columnize (>= 0.3.1)
      linecache19 (>= 0.5.11)
      ruby_core_source (>= 0.1.4)
    ruby-debug19 (0.11.6)
      columnize (>= 0.3.1)
      linecache19 (>= 0.5.11)
      ruby-debug-base19 (>= 0.11.19)
    ruby_core_source (0.1.5)
      archive-tar-minitar (>= 0.5.2)
    ruby_parser (2.0.6)
      sexp_processor (~> 3.0)
    rubyzip (0.9.4)
    sass (3.1.4)
    sass-rails (3.1.0.rc.4)
      actionpack (~> 3.1.0.rc1)
      railties (~> 3.1.0.rc1)
      sass (>= 3.1.4)
      sprockets (>= 2.0.0.beta.9)
    selenium-webdriver (0.2.2)
      childprocess (>= 0.1.9)
      ffi (>= 1.0.7)
      json_pure
      rubyzip
    sexp_processor (3.0.5)
    simple_form (1.4.2)
      actionpack (~> 3.0)
      activemodel (~> 3.0)
    slop (1.9.1)
    spork (0.9.0.rc9)
    sprockets (2.0.0.beta.12)
      hike (~> 1.2)
      rack (~> 1.0)
      tilt (~> 1.1, != 1.3.0)
    steak (2.0.0)
      capybara (>= 1.0.0)
      rspec-rails (>= 2.5.0)
    thor (0.14.6)
    tilt (1.3.2)
    treetop (1.4.10)
      polyglot
      polyglot (>= 0.3.1)
    ttfunk (1.0.1)
    turn (0.8.2)
      ansi (>= 1.2.2)
    tzinfo (0.3.29)
    uglifier (1.0.0)
      execjs (>= 0.3.0)
      multi_json (>= 1.0.2)
    valid_attribute (1.0.0)
    warden (1.0.4)
      rack (>= 1.0)
    watchr (0.7)
    xpath (0.1.4)
      nokogiri (~> 1.3)

PLATFORMS
  ruby

DEPENDENCIES
  capybara
  coffee-script
  database_cleaner
  devise
  factory_girl_rails
  ffaker (~> 1.8.0)
  haml
  jasmine
  jquery-rails
  kaminari
  launchy
  log4r
  mocha
  mysql2
  nokogiri
  prawn (~> 0.11.1)!
  pry
  rails (~> 3.1.0.rc5)
  rake
  rspec-rails (~> 2.6.0)
  ruby-debug19
  sass-rails (~> 3.1.0.rc)
  simple_form
  spork (~> 0.9.0.rc9)
  steak (~> 2.0.0)
  turn
  uglifier
  valid_attribute
  watchr
